ObjectType = Image
NDims = 1
BinaryData = False
BinaryDataByteOrderMSB = False
CompressedData = False
CompressedDataSize = 0
TransformMatrix = 0 0 0 0 0 0 0 0 0
Offset = 0 0 0
CenterOfRotation = 0 0 0
AnatomicalOrientation = RAI
ElementSpacing = 1 1 1
DimSize = 0 0 0
ElementType = MET_SHORT
ElementDataFile = out.zraw
